GEM
  remote: http://rubygems.org/
  specs:
    git (1.2.5)
    jeweler (1.5.2)
      bundler (~> 1.0.0)
      git (>= 1.2.5)
      rake
    minitest (2.0.2)
    rake (0.8.7)
    rcov (0.9.9)
    rcov (0.9.9-java)

PLATFORMS
  java
  ruby
  x86-mingw32

DEPENDENCIES
  bundler (~> 1.0.0)
  jeweler (~> 1.5.2)
  minitest
  rcov
